GEM
  remote: https://rubygems.org/
  specs:
    addressable (2.3.5)
    coderay (1.1.0)
    columnize (0.3.6)
    crack (0.4.0)
      safe_yaml (~> 0.9.0)
    debugger (1.6.6)
      columnize (>= 0.3.1)
      debugger-linecache (~> 1.2.0)
      debugger-ruby_core_source (~> 1.3.2)
    debugger-linecache (1.2.0)
    debugger-ruby_core_source (1.3.2)
    dotenv (0.8.0)
    faraday (0.9.0)
      multipart-post (>= 1.2, < 3)
    foreman (0.63.0)
      dotenv (>= 0.7)
      thor (>= 0.13.6)
    method_source (0.8.2)
    multipart-post (2.0.0)
    pg (0.17.1)
    pry (0.9.12.4)
      coderay (~> 1.0)
      method_source (~> 0.8)
      slop (~> 3.4)
    rake (10.1.1)
    safe_yaml (0.9.3)
    scrolls (0.3.3)
    sequel (4.8.0)
    slop (3.4.7)
    thor (0.18.1)
    vcr (2.5.0)
    webmock (1.11.0)
      addressable (>= 2.2.7)
      crack (>= 0.3.2)

PLATFORMS
  ruby

DEPENDENCIES
  debugger
  dotenv
  faraday
  foreman
  pg
  pry
  rake
  scrolls
  sequel
  vcr
  webmock
