GEM
  remote: https://rubygems.org/
  specs:
    aggregate (0.2.2)
    columnize (0.3.6)
    debugger (1.6.6)
      columnize (>= 0.3.1)
      debugger-linecache (~> 1.2.0)
      debugger-ruby_core_source (~> 1.3.2)
    debugger-linecache (1.2.0)
    debugger-ruby_core_source (1.3.2)
    faraday (0.9.0)
      multipart-post (>= 1.2, < 3)
    librato-metrics (1.3.0)
      aggregate (~> 0.2.2)
      faraday (~> 0.7)
      multi_json
    multi_json (1.9.2)
    multipart-post (2.0.0)
    rake (10.1.1)

PLATFORMS
  ruby

DEPENDENCIES
  debugger
  librato-metrics
  rake
