GEM
  remote: https://rubygems.org/
  specs:
    addressable (2.3.5)
    aggregate (0.2.2)
    columnize (0.3.6)
    crack (0.4.0)
      safe_yaml (~> 0.9.0)
    debugger (1.6.6)
      columnize (>= 0.3.1)
      debugger-linecache (~> 1.2.0)
      debugger-ruby_core_source (~> 1.3.2)
    debugger-linecache (1.2.0)
    debugger-ruby_core_source (1.3.2)
    dotenv (0.8.0)
    faraday (0.9.0)
      multipart-post (>= 1.2, < 3)
    librato-metrics (1.3.0)
      aggregate (~> 0.2.2)
      faraday (~> 0.7)
      multi_json
    multi_json (1.9.2)
    multipart-post (2.0.0)
    pg (0.17.1)
    rake (10.1.1)
    safe_yaml (0.9.3)
    scrolls (0.3.3)
    sequel (4.8.0)
    vcr (2.5.0)
    webmock (1.11.0)
      addressable (>= 2.2.7)
      crack (>= 0.3.2)

PLATFORMS
  ruby

DEPENDENCIES
  debugger
  dotenv
  faraday
  librato-metrics
  pg
  rake
  scrolls
  sequel
  vcr
  webmock
